GIT
  remote: https://github.com/el-cms/capybara-screenshot.git
  revision: 866841fa662cbe54043cc254be2d76e6511895da
  branch: custom-prefixes
  specs:
    capybara-screenshot (1.0.26)
      capybara (>= 1.0, < 4)
      launchy

GIT
  remote: https://github.com/manyfold3d/caber.git
  revision: 501a9f4dba0df4772f41713fc69cfc8ec470a7ba
  specs:
    caber (0.4.0)
      rails (>= 7.1.4)

GIT
  remote: https://github.com/manyfold3d/fasp_client.git
  revision: c9086ab8e6c717d4b62e5448fa5b89be3a89c57b
  ref: v0.5.0
  specs:
    fasp_client (0.5.0)
      ed25519 (~> 1.4)
      linzer (~> 0.7)
      rails (~> 8.0)

GIT
  remote: https://github.com/manyfold3d/rubocop-pundit.git
  revision: 1f511e087a58867279ca8d77e0bb97dc2ce2da75
  specs:
    rubocop-pundit (0.1.0)
      rubocop

GIT
  remote: https://gitlab.com/experimentslabs/federails.git
  revision: 338c1691256fa6000c643581f38221865043b3f3
  branch: nodeinfo-metadata
  specs:
    federails (0.7.0)
      faraday
      faraday-follow_redirects
      jbuilder (~> 2.7)
      json-ld (>= 3.2.0)
      json-ld-preloaded (>= 3.2.0)
      kaminari (>= 1.2.0)
      pundit (>= 2.3.0)
      rails (>= 7.0.4)

GEM
  remote: https://rubygems.org/
  specs:
    actioncable (8.0.2.1)
      actionpack (= 8.0.2.1)
      activesupport (= 8.0.2.1)
      nio4r (~> 2.0)
      websocket-driver (>= 0.6.1)
      zeitwerk (~> 2.6)
    actionmailbox (8.0.2.1)
      actionpack (= 8.0.2.1)
      activejob (= 8.0.2.1)
      activerecord (= 8.0.2.1)
      activestorage (= 8.0.2.1)
      activesupport (= 8.0.2.1)
      mail (>= 2.8.0)
    actionmailer (8.0.2.1)
      actionpack (= 8.0.2.1)
      actionview (= 8.0.2.1)
      activejob (= 8.0.2.1)
      activesupport (= 8.0.2.1)
      mail (>= 2.8.0)
      rails-dom-testing (~> 2.2)
    actionpack (8.0.2.1)
      actionview (= 8.0.2.1)
      activesupport (= 8.0.2.1)
      nokogiri (>= 1.8.5)
      rack (>= 2.2.4)
      rack-session (>= 1.0.1)
      rack-test (>= 0.6.3)
      rails-dom-testing (~> 2.2)
      rails-html-sanitizer (~> 1.6)
      useragent (~> 0.16)
    actiontext (8.0.2.1)
      actionpack (= 8.0.2.1)
      activerecord (= 8.0.2.1)
      activestorage (= 8.0.2.1)
      activesupport (= 8.0.2.1)
      globalid (>= 0.6.0)
      nokogiri (>= 1.8.5)
    actionview (8.0.2.1)
      activesupport (= 8.0.2.1)
      builder (~> 3.1)
      erubi (~> 1.11)
      rails-dom-testing (~> 2.2)
      rails-html-sanitizer (~> 1.6)
    activejob (8.0.2.1)
      activesupport (= 8.0.2.1)
      globalid (>= 0.3.6)
    activejob-status (1.0.2)
      activejob (>= 6.0)
      activesupport (>= 6.0)
    activejob-uniqueness (0.4.0)
      activejob (>= 4.2, < 8.1)
      redlock (>= 2.0, < 3)
    activemodel (8.0.2.1)
      activesupport (= 8.0.2.1)
    activerecord (8.0.2.1)
      activemodel (= 8.0.2.1)
      activesupport (= 8.0.2.1)
      timeout (>= 0.4.0)
    activerecord-enhancedsqlite3-adapter (0.8.0)
      activerecord (>= 7.1)
      sqlite3 (>= 1.6)
    activerecord-nulldb-adapter (1.1.1)
      activerecord (>= 6.0, < 8.1)
    activestorage (8.0.2.1)
      actionpack (= 8.0.2.1)
      activejob (= 8.0.2.1)
      activerecord (= 8.0.2.1)
      activesupport (= 8.0.2.1)
      marcel (~> 1.0)
    activesupport (8.0.2.1)
      base64
      benchmark (>= 0.3)
      bigdecimal
      concurrent-ruby (~> 1.0, >= 1.3.1)
      connection_pool (>= 2.2.5)
      drb
      i18n (>= 1.6, < 2)
      logger (>= 1.4.2)
      minitest (>= 5.1)
      securerandom (>= 0.3)
      tzinfo (~> 2.0, >= 2.0.5)
      uri (>= 0.13.1)
    acts-as-taggable-on (12.0.0)
      activerecord (>= 7.1, < 8.1)
      zeitwerk (>= 2.4, < 3.0)
    acts_as_favoritor (6.0.2)
      activerecord (>= 5.0)
    addressable (2.8.7)
      public_suffix (>= 2.0.2, < 7.0)
    aes_key_wrap (1.1.0)
    altcha-rails (0.0.6)
    ast (2.4.3)
    attr_required (1.0.2)
    aws-eventstream (1.4.0)
    aws-partitions (1.1156.0)
    aws-sdk-core (3.232.0)
      aws-eventstream (~> 1, >= 1.3.0)
      aws-partitions (~> 1, >= 1.992.0)
      aws-sigv4 (~> 1.9)
      base64
      bigdecimal
      jmespath (~> 1, >= 1.6.1)
      logger
    aws-sdk-kms (1.112.0)
      aws-sdk-core (~> 3, >= 3.231.0)
      aws-sigv4 (~> 1.5)
    aws-sdk-s3 (1.199.0)
      aws-sdk-core (~> 3, >= 3.231.0)
      aws-sdk-kms (~> 1)
      aws-sigv4 (~> 1.5)
    aws-sigv4 (1.12.1)
      aws-eventstream (~> 1, >= 1.0.2)
    base64 (0.3.0)
    bcp47_spec (0.2.1)
    bcrypt (3.1.20)
    benchmark (0.4.1)
    better_content_security_policy (0.1.4)
      rails (>= 5.0.0)
    better_html (2.1.1)
      actionview (>= 6.0)
      activesupport (>= 6.0)
      ast (~> 2.0)
      erubi (~> 1.4)
      parser (>= 2.4)
      smart_properties
    bigdecimal (3.2.3)
    bindata (2.5.0)
    bindex (0.8.1)
    bootsnap (1.18.6)
      msgpack (~> 1.2)
    brakeman (7.1.0)
      racc
    browser (6.2.0)
    builder (3.3.0)
    bullet (8.0.8)
      activesupport (>= 3.0.0)
      uniform_notifier (~> 1.11)
    byebug (12.0.0)
    capybara (3.40.0)
      addressable
      matrix
      mini_mime (>= 0.1.3)
      nokogiri (~> 1.11)
      rack (>= 1.6.0)
      rack-test (>= 0.6.3)
      regexp_parser (>= 1.5, < 3.0)
      xpath (~> 3.2)
    cgi (0.4.2)
    chunky_png (1.4.0)
    climate_control (1.2.0)
    cocooned (2.4.1)
      rails (>= 7.0, < 8.1)
    coderay (1.1.3)
    concurrent-ruby (1.3.5)
    connection_pool (2.5.4)
    content_disposition (1.0.0)
    crack (1.0.0)
      bigdecimal
      rexml
    crass (1.0.6)
    cronex (0.15.0)
      tzinfo
      unicode (>= 0.4.4.5)
    cssbundling-rails (1.4.3)
      railties (>= 6.0.0)
    csv (3.3.5)
    data_migrate (11.3.0)
      activerecord (>= 6.1)
      railties (>= 6.1)
    database_cleaner-active_record (2.2.2)
      activerecord (>= 5.a)
      database_cleaner-core (~> 2.0)
    database_cleaner-core (2.0.1)
    date (3.4.1)
    devise (4.9.4)
      bcrypt (~> 3.0)
      orm_adapter (~> 0.1)
      railties (>= 4.1.0)
      responders
      warden (~> 1.2.3)
    devise_zxcvbn (6.0.0)
      devise
      zxcvbn (~> 0.1.7)
    diff-lcs (1.6.2)
    docile (1.4.1)
    domain_name (0.6.20240107)
    doorkeeper (5.8.2)
      railties (>= 5)
    doorkeeper-i18n (5.2.7)
      doorkeeper (>= 5.2)
    dotenv (3.1.8)
    dotenv-rails (3.1.8)
      dotenv (= 3.1.8)
      railties (>= 6.1)
    down (5.4.2)
      addressable (~> 2.8)
    drb (2.2.3)
    ed25519 (1.4.0)
    email_validator (2.2.4)
      activemodel
    erb (5.0.2)
    erb_lint (0.9.0)
      activesupport
      better_html (>= 2.0.1)
      parser (>= 2.7.1.4)
      rainbow
      rubocop (>= 1)
      smart_properties
    erubi (1.13.1)
    et-orbi (1.3.0)
      tzinfo
    factory_bot (6.5.5)
      activesupport (>= 6.1.0)
    faker (3.5.2)
      i18n (>= 1.8.11, < 2)
    faraday (2.13.1)
      faraday-net_http (>= 2.0, < 3.5)
      json
      logger
    faraday-follow_redirects (0.3.0)
      faraday (>= 1, < 3)
    faraday-net_http (3.4.0)
      net-http (>= 0.5.0)
    federails-moderation (0.3.0)
      federails (~> 0.4)
      public_suffix (~> 6.0)
      rails (>= 7.2.2)
    ffi (1.17.2)
    ffi (1.17.2-x64-mingw-ucrt)
    ffi (1.17.2-x86_64-darwin)
    ffi (1.17.2-x86_64-linux-gnu)
    ffi-compiler (1.3.2)
      ffi (>= 1.15.5)
      rake
    ffi-libarchive (1.1.14)
      ffi (~> 1.0)
    fiber-storage (1.0.1)
    formatador (1.1.0)
    forwardable (1.3.3)
    fugit (1.11.1)
      et-orbi (~> 1, >= 1.2.11)
      raabro (~> 1.4)
    get_process_mem (1.0.0)
      bigdecimal (>= 2.0)
      ffi (~> 1.0)
    gettext (3.4.9)
      erubi
      locale (>= 2.0.5)
      prime
      racc
      text (>= 1.3.0)
    glob (0.4.1)
    globalid (1.2.1)
      activesupport (>= 6.1)
    google-protobuf (4.30.2)
      bigdecimal
      rake (>= 13)
    google-protobuf (4.30.2-x64-mingw-ucrt)
      bigdecimal
      rake (>= 13)
    google-protobuf (4.30.2-x86_64-darwin)
      bigdecimal
      rake (>= 13)
    google-protobuf (4.30.2-x86_64-linux)
      bigdecimal
      rake (>= 13)
    graphlient (0.8.0)
      faraday (~> 2.0)
      graphql-client
    graphql (2.5.11)
      base64
      fiber-storage
      logger
    graphql-client (0.26.0)
      activesupport (>= 3.0)
      graphql (>= 1.13.0)
    guard (2.19.1)
      formatador (>= 0.2.4)
      listen (>= 2.7, < 4.0)
      logger (~> 1.6)
      lumberjack (>= 1.0.12, < 2.0)
      nenv (~> 0.1)
      notiffany (~> 0.0)
      ostruct (~> 0.6)
      pry (>= 0.13.0)
      shellany (~> 0.0)
      thor (>= 0.18.1)
    guard-compat (1.2.1)
    guard-rspec (4.7.3)
      guard (~> 2.1)
      guard-compat (~> 1.1)
      rspec (>= 2.99.0, < 4.0)
    hashdiff (1.2.0)
    hashie (5.0.0)
    highline (3.1.2)
      reline
    htmlentities (4.3.4)
    http (5.2.0)
      addressable (~> 2.8)
      base64 (~> 0.1)
      http-cookie (~> 1.0)
      http-form_data (~> 2.2)
      llhttp-ffi (~> 0.5.0)
    http-cookie (1.0.8)
      domain_name (~> 0.5)
    http-form_data (2.3.0)
    i18n (1.14.7)
      concurrent-ruby (~> 1.0)
    i18n-js (4.2.3)
      glob (>= 0.4.0)
      i18n
    i18n-tasks (1.0.15)
      activesupport (>= 4.0.2)
      ast (>= 2.1.0)
      erubi
      highline (>= 2.0.0)
      i18n
      parser (>= 3.2.2.1)
      rails-i18n
      rainbow (>= 2.2.2, < 4.0)
      ruby-progressbar (~> 1.8, >= 1.8.1)
      terminal-table (>= 1.5.1)
    i18n_data (1.1.0)
      simple_po_parser (~> 1.1)
    image_processing (1.14.0)
      mini_magick (>= 4.9.5, < 6)
      ruby-vips (>= 2.0.17, < 3)
    io-console (0.8.1)
    irb (1.15.2)
      pp (>= 0.6.0)
      rdoc (>= 4.0.0)
      reline (>= 0.4.2)
    jbuilder (2.14.1)
      actionview (>= 7.0.0)
      activesupport (>= 7.0.0)
    jmespath (1.6.2)
    job-iteration (1.11.0)
      activejob (>= 6.1)
    jsbundling-rails (1.3.1)
      railties (>= 6.0.0)
    json (2.13.2)
    json-canonicalization (1.0.0)
    json-jwt (1.16.6)
      activesupport (>= 4.2)
      aes_key_wrap
      base64
      bindata
      faraday (~> 2.0)
      faraday-follow_redirects
    json-ld (3.3.2)
      htmlentities (~> 4.3)
      json-canonicalization (~> 1.0)
      link_header (~> 0.0, >= 0.0.8)
      multi_json (~> 1.15)
      rack (>= 2.2, < 4)
      rdf (~> 3.3)
      rexml (~> 3.2)
    json-ld-preloaded (3.3.1)
      json-ld (~> 3.3)
      rdf (~> 3.3)
    json-schema (5.1.1)
      addressable (~> 2.8)
      bigdecimal (~> 3.1)
    kaminari (1.2.2)
      activesupport (>= 4.1.0)
      kaminari-actionview (= 1.2.2)
      kaminari-activerecord (= 1.2.2)
      kaminari-core (= 1.2.2)
    kaminari-actionview (1.2.2)
      actionview
      kaminari-core (= 1.2.2)
    kaminari-activerecord (1.2.2)
      activerecord
      kaminari-core (= 1.2.2)
    kaminari-core (1.2.2)
    kramdown (2.5.1)
      rexml (>= 3.3.9)
    kramdown-parser-gfm (1.1.0)
      kramdown (~> 2.0)
    language_server-protocol (3.17.0.5)
    launchy (2.4.3)
      addressable (~> 2.3)
    letter_opener (1.10.0)
      launchy (>= 2.2, < 4)
    link_header (0.0.8)
    lint_roller (1.1.0)
    linzer (0.7.7)
      cgi (~> 0.4.2)
      forwardable (~> 1.3, >= 1.3.3)
      logger (~> 1.7, >= 1.7.0)
      net-http (~> 0.6.0)
      openssl (~> 3.0, >= 3.0.0)
      rack (>= 2.2, < 4.0)
      starry (~> 0.2)
      stringio (~> 3.1, >= 3.1.2)
      uri (~> 1.0, >= 1.0.2)
    listen (3.9.0)
      rb-fsevent (~> 0.10, >= 0.10.3)
      rb-inotify (~> 0.9, >= 0.9.10)
    llhttp-ffi (0.5.0)
      ffi-compiler (~> 1.0)
      rake (~> 13.0)
    locale (2.1.4)
    logger (1.7.0)
    lograge (0.14.0)
      actionpack (>= 4)
      activesupport (>= 4)
      railties (>= 4)
      request_store (~> 1.0)
    logstash-event (1.2.02)
    loofah (2.24.1)
      crass (~> 1.0.2)
      nokogiri (>= 1.12.0)
    lumberjack (1.2.10)
    mail (2.8.1)
      mini_mime (>= 0.1.1)
      net-imap
      net-pop
      net-smtp
    marcel (1.0.4)
    matrix (0.4.2)
    memoist (0.16.2)
    method_source (1.1.0)
    mini_magick (5.2.0)
      benchmark
      logger
    mini_mime (1.1.5)
    mini_portile2 (2.8.9)
    minitest (5.25.5)
    mittsu (0.5.0)
      chunky_png
    mittsu-3mf (0.1.0)
      builder (~> 3.3)
      mittsu (~> 0.4)
      rubyzip (~> 2.3)
    mittsu-mesh_analysis (0.1.0)
      mittsu (~> 0.4)
    msgpack (1.8.0)
    multi_json (1.15.0)
    mysql2 (0.5.6)
    nanoid (2.0.0)
    nenv (0.3.0)
    net-http (0.6.0)
      uri
    net-imap (0.5.10)
      date
      net-protocol
    net-pop (0.1.2)
      net-protocol
    net-protocol (0.2.2)
      timeout
    net-smtp (0.5.1)
      net-protocol
    nio4r (2.7.4)
    nokogiri (1.18.9)
      mini_portile2 (~> 2.8.2)
      racc (~> 1.4)
    nokogiri (1.18.9-x64-mingw-ucrt)
      racc (~> 1.4)
    nokogiri (1.18.9-x86_64-darwin)
      racc (~> 1.4)
    nokogiri (1.18.9-x86_64-linux-gnu)
      racc (~> 1.4)
    notiffany (0.1.3)
      nenv (~> 0.1)
      shellany (~> 0.0)
    omniauth (2.1.3)
      hashie (>= 3.4.6)
      rack (>= 2.2.3)
      rack-protection
    omniauth-rails_csrf_protection (1.0.2)
      actionpack (>= 4.2)
      omniauth (~> 2.0)
    omniauth_openid_connect (0.8.0)
      omniauth (>= 1.9, < 3)
      openid_connect (~> 2.2)
    openid_connect (2.3.0)
      activemodel
      attr_required (>= 1.0.0)
      email_validator
      faraday (~> 2.0)
      faraday-follow_redirects
      json-jwt (>= 1.16)
      mail
      rack-oauth2 (~> 2.2)
      swd (~> 2.0)
      tzinfo
      validate_url
      webfinger (~> 2.0)
    openssl (3.3.0)
    orm_adapter (0.5.0)
    ostruct (0.6.1)
    parallel (1.27.0)
    parser (3.3.9.0)
      ast (~> 2.4.1)
      racc
    pg (1.5.9)
    pg (1.5.9-x64-mingw-ucrt)
    pg_query (6.1.0)
      google-protobuf (>= 3.25.3)
    pghero (3.7.0)
      activerecord (>= 7.1)
    phlex (2.3.1)
      zeitwerk (~> 2.7)
    phlex-rails (2.3.1)
      phlex (~> 2.3.0)
      railties (>= 7.1, < 9)
      zeitwerk (~> 2.7)
    polyglot (0.3.5)
    pp (0.6.2)
      prettyprint
    prettyprint (0.2.0)
    prime (0.1.2)
      forwardable
      singleton
    prism (1.4.0)
    propshaft (1.2.1)
      actionpack (>= 7.0.0)
      activesupport (>= 7.0.0)
      rack
    pry (0.15.2)
      coderay (~> 1.1)
      method_source (~> 1.0)
    psych (5.2.6)
      date
      stringio
    public_suffix (6.0.2)
    puma (7.0.2)
      nio4r (~> 2.0)
    pundit (2.5.0)
      activesupport (>= 3.0.0)
    raabro (1.4.0)
    racc (1.8.1)
    rack (3.2.1)
    rack-contrib (2.5.0)
      rack (< 4)
    rack-cors (3.0.0)
      logger
      rack (>= 3.0.14)
    rack-oauth2 (2.2.1)
      activesupport
      attr_required
      faraday (~> 2.0)
      faraday-follow_redirects
      json-jwt (>= 1.11.0)
      rack (>= 2.1.0)
    rack-protection (4.1.1)
      base64 (>= 0.1.0)
      logger (>= 1.6.0)
      rack (>= 3.0.0, < 4)
    rack-session (2.1.1)
      base64 (>= 0.1.0)
      rack (>= 3.0.0)
    rack-test (2.2.0)
      rack (>= 1.3)
    rackup (2.2.1)
      rack (>= 3)
    rails (8.0.2.1)
      actioncable (= 8.0.2.1)
      actionmailbox (= 8.0.2.1)
      actionmailer (= 8.0.2.1)
      actionpack (= 8.0.2.1)
      actiontext (= 8.0.2.1)
      actionview (= 8.0.2.1)
      activejob (= 8.0.2.1)
      activemodel (= 8.0.2.1)
      activerecord (= 8.0.2.1)
      activestorage (= 8.0.2.1)
      activesupport (= 8.0.2.1)
      bundler (>= 1.15.0)
      railties (= 8.0.2.1)
    rails-controller-testing (1.0.5)
      actionpack (>= 5.0.1.rc1)
      actionview (>= 5.0.1.rc1)
      activesupport (>= 5.0.1.rc1)
    rails-dom-testing (2.3.0)
      activesupport (>= 5.0.0)
      minitest
      nokogiri (>= 1.6)
    rails-html-sanitizer (1.6.2)
      loofah (~> 2.21)
      nokogiri (>= 1.15.7, != 1.16.7, != 1.16.6, != 1.16.5, != 1.16.4, != 1.16.3, != 1.16.2, != 1.16.1, != 1.16.0.rc1, != 1.16.0)
    rails-i18n (8.0.1)
      i18n (>= 0.7, < 2)
      railties (>= 8.0.0, < 9)
    rails-settings-cached (2.9.6)
      activerecord (>= 5.0.0)
      railties (>= 5.0.0)
    rails_performance (1.5.1)
      browser
      railties
      redis
    railties (8.0.2.1)
      actionpack (= 8.0.2.1)
      activesupport (= 8.0.2.1)
      irb (~> 1.13)
      rackup (>= 1.0.0)
      rake (>= 12.2)
      thor (~> 1.0, >= 1.2.2)
      zeitwerk (~> 2.6)
    rainbow (3.1.1)
    rake (13.3.0)
    rb-fsevent (0.11.2)
    rb-inotify (0.11.1)
      ffi (~> 1.0)
    rdf (3.3.2)
      bcp47_spec (~> 0.2)
      bigdecimal (~> 3.1, >= 3.1.5)
      link_header (~> 0.0, >= 0.0.8)
    rdoc (6.14.2)
      erb
      psych (>= 4.0.0)
    redis (5.4.1)
      redis-client (>= 0.22.0)
    redis-client (0.25.2)
      connection_pool
    redis-namespace (1.11.0)
      redis (>= 4)
    redlock (2.0.6)
      redis-client (>= 0.14.1, < 1.0.0)
    regexp_parser (2.11.2)
    reline (0.6.2)
      io-console (~> 0.5)
    request_store (1.5.1)
      rack (>= 1.4)
    responders (3.1.1)
      actionpack (>= 5.2)
      railties (>= 5.2)
    reverse_markdown (3.0.0)
      nokogiri
    rexml (3.4.2)
    roda (3.87.0)
      rack
    rolify (6.0.1)
    rspec (3.13.0)
      rspec-core (~> 3.13.0)
      rspec-expectations (~> 3.13.0)
      rspec-mocks (~> 3.13.0)
    rspec-core (3.13.5)
      rspec-support (~> 3.13.0)
    rspec-expectations (3.13.5)
      diff-lcs (>= 1.2.0, < 2.0)
      rspec-support (~> 3.13.0)
    rspec-mocks (3.13.5)
      diff-lcs (>= 1.2.0, < 2.0)
      rspec-support (~> 3.13.0)
    rspec-rails (8.0.2)
      actionpack (>= 7.2)
      activesupport (>= 7.2)
      railties (>= 7.2)
      rspec-core (~> 3.13)
      rspec-expectations (~> 3.13)
      rspec-mocks (~> 3.13)
      rspec-support (~> 3.13)
    rspec-support (3.13.4)
    rswag (2.16.0)
      rswag-api (= 2.16.0)
      rswag-specs (= 2.16.0)
      rswag-ui (= 2.16.0)
    rswag-api (2.16.0)
      activesupport (>= 5.2, < 8.1)
      railties (>= 5.2, < 8.1)
    rswag-specs (2.16.0)
      activesupport (>= 5.2, < 8.1)
      json-schema (>= 2.2, < 6.0)
      railties (>= 5.2, < 8.1)
      rspec-core (>= 2.14)
    rswag-ui (2.16.0)
      actionpack (>= 5.2, < 8.1)
      railties (>= 5.2, < 8.1)
    rubocop (1.75.8)
      json (~> 2.3)
      language_server-protocol (~> 3.17.0.2)
      lint_roller (~> 1.1.0)
      parallel (~> 1.10)
      parser (>= 3.3.0.2)
      rainbow (>= 2.2.2, < 4.0)
      regexp_parser (>= 2.9.3, < 3.0)
      rubocop-ast (>= 1.44.0, < 2.0)
      ruby-progressbar (~> 1.7)
      unicode-display_width (>= 2.4.0, < 4.0)
    rubocop-ast (1.46.0)
      parser (>= 3.3.7.2)
      prism (~> 1.4)
    rubocop-capybara (2.22.1)
      lint_roller (~> 1.1)
      rubocop (~> 1.72, >= 1.72.1)
    rubocop-factory_bot (2.27.1)
      lint_roller (~> 1.1)
      rubocop (~> 1.72, >= 1.72.1)
    rubocop-i18n (3.2.3)
      lint_roller (~> 1.1)
      rubocop (>= 1.72.1)
    rubocop-performance (1.25.0)
      lint_roller (~> 1.1)
      rubocop (>= 1.75.0, < 2.0)
      rubocop-ast (>= 1.38.0, < 2.0)
    rubocop-rails (2.33.3)
      activesupport (>= 4.2.0)
      lint_roller (~> 1.1)
      rack (>= 1.1)
      rubocop (>= 1.75.0, < 2.0)
      rubocop-ast (>= 1.44.0, < 2.0)
    rubocop-rspec (3.7.0)
      lint_roller (~> 1.1)
      rubocop (~> 1.72, >= 1.72.1)
    rubocop-rspec_rails (2.31.0)
      lint_roller (~> 1.1)
      rubocop (~> 1.72, >= 1.72.1)
      rubocop-rspec (~> 3.5)
    ruby-progressbar (1.13.0)
    ruby-vips (2.2.3)
      ffi (~> 1.12)
      logger
    rubyzip (2.4.1)
    scoped_search (4.2.0)
      activerecord (>= 4.2.0)
    scout_apm (5.7.1)
      parser
    securerandom (0.4.1)
    selenium-webdriver (4.35.0)
      base64 (~> 0.2)
      logger (~> 1.4)
      rexml (~> 3.2, >= 3.2.5)
      rubyzip (>= 1.2.2, < 4.0)
      websocket (~> 1.0)
    shellany (0.0.1)
    shrine (3.6.0)
      content_disposition (~> 1.0)
      down (~> 5.1)
    shrine-tus (2.1.1)
      shrine (~> 3.2)
      shrine-url (~> 2.4)
      tus-server (~> 2.0)
    shrine-url (2.4.1)
      down (~> 5.0)
      http (>= 3.2, < 6)
      shrine (>= 3.0.0.rc, < 4)
    sidekiq (8.0.7)
      connection_pool (>= 2.5.0)
      json (>= 2.9.0)
      logger (>= 1.6.2)
      rack (>= 3.1.0)
      redis-client (>= 0.23.2)
    sidekiq-cron (2.3.1)
      cronex (>= 0.13.0)
      fugit (~> 1.8, >= 1.11.1)
      globalid (>= 1.0.1)
      sidekiq (>= 6.5.0)
    simple_po_parser (1.1.6)
    simplecov (0.22.0)
      docile (~> 1.1)
      simplecov-html (~> 0.11)
      simplecov_json_formatter (~> 0.1)
    simplecov-cobertura (3.1.0)
      rexml
      simplecov (~> 0.19)
    simplecov-html (0.13.2)
    simplecov_json_formatter (0.1.4)
    singleton (0.2.0)
    smart_properties (1.17.0)
    spdx (4.1.5)
      treetop (~> 1.6)
    spring (4.4.0)
    sqlite3 (2.5.0)
      mini_portile2 (~> 2.8.0)
    sqlite3 (2.5.0-x64-mingw-ucrt)
    sqlite3 (2.5.0-x86_64-darwin)
    sqlite3 (2.5.0-x86_64-linux-gnu)
    sqlite3_ar_regexp (3.0.0)
      activerecord (>= 6.0)
      sqlite3 (>= 1.4)
    standard (1.50.0)
      language_server-protocol (~> 3.17.0.2)
      lint_roller (~> 1.0)
      rubocop (~> 1.75.5)
      standard-custom (~> 1.0.0)
      standard-performance (~> 1.8)
    standard-custom (1.0.2)
      lint_roller (~> 1.0)
      rubocop (~> 1.50)
    standard-performance (1.8.0)
      lint_roller (~> 1.1)
      rubocop-performance (~> 1.25.0)
    starry (0.2.0)
      base64
    stimulus-rails (1.3.4)
      railties (>= 6.0.0)
    stopwords-filter2 (0.1.0)
    string-similarity (2.1.0)
    stringio (3.1.7)
    swd (2.0.3)
      activesupport (>= 3)
      attr_required (>= 0.0.5)
      faraday (~> 2.0)
      faraday-follow_redirects
    sys-cpu (1.1.0)
      ffi (~> 1.1)
    sys-filesystem (1.5.4)
      ffi (~> 1.1)
    terminal-table (4.0.0)
      unicode-display_width (>= 1.1.1, < 4)
    text (1.3.1)
    thor (1.4.0)
    timeout (0.4.3)
    to_regexp (0.2.1)
    translation (1.41)
      gettext (~> 3.2, >= 3.2.5, <= 3.4.9)
    treetop (1.6.14)
      polyglot (~> 0.3)
    turbo-rails (2.0.16)
      actionpack (>= 7.1.0)
      railties (>= 7.1.0)
    tus-server (2.3.0)
      content_disposition (~> 1.0)
      roda (>= 2.27, < 4)
    tzinfo (2.0.6)
      concurrent-ruby (~> 1.0)
    tzinfo-data (1.2024.1)
      tzinfo (>= 1.0.0)
    unicode (0.4.4.5)
    unicode-display_width (3.1.5)
      unicode-emoji (~> 4.0, >= 4.0.4)
    unicode-emoji (4.0.4)
    uniform_notifier (1.17.0)
    uri (1.0.3)
    useragent (0.16.11)
    validate_url (1.0.15)
      activemodel (>= 3.0.0)
      public_suffix
    vcr (6.3.1)
      base64
    warden (1.2.9)
      rack (>= 2.0.9)
    warning (1.5.0)
    web-console (4.2.1)
      actionview (>= 6.0.0)
      activemodel (>= 6.0.0)
      bindex (>= 0.4.0)
      railties (>= 6.0.0)
    webfinger (2.1.3)
      activesupport
      faraday (~> 2.0)
      faraday-follow_redirects
    webmock (3.25.1)
      addressable (>= 2.8.0)
      crack (>= 0.3.2)
      hashdiff (>= 0.4.0, < 2.0.0)
    websocket (1.2.11)
    websocket-driver (0.8.0)
      base64
      websocket-extensions (>= 0.1.0)
    websocket-extensions (0.1.5)
    with_model (2.2.0)
      activerecord (>= 7.0)
    xpath (3.2.0)
      nokogiri (~> 1.8)
    zeitwerk (2.7.3)
    zxcvbn (0.1.10)

PLATFORMS
  ruby
  x64-mingw-ucrt
  x86_64-darwin-22
  x86_64-linux

DEPENDENCIES
  activejob-status (~> 1.0)
  activejob-uniqueness (~> 0.4)
  activerecord-enhancedsqlite3-adapter (~> 0.8)
  activerecord-nulldb-adapter (~> 1.1)
  acts-as-taggable-on (~> 12.0)
  acts_as_favoritor (~> 6.0)
  altcha-rails (~> 0.0.6)
  aws-sdk-s3 (< 1.200)
  better_content_security_policy (~> 0.1)
  bootsnap (~> 1.18)
  brakeman (~> 7.1)
  bullet (~> 8.0)
  byebug
  caber!
  capybara
  capybara-screenshot!
  climate_control (~> 1.2)
  cocooned (~> 2.4)
  cssbundling-rails (~> 1.4)
  csv (~> 3.3)
  data_migrate (~> 11.3)
  database_cleaner-active_record (~> 2.2)
  devise (~> 4.9)
  devise_zxcvbn (~> 6.0)
  doorkeeper (~> 5.8)
  doorkeeper-i18n (~> 5.2)
  dotenv-rails (~> 3.1)
  erb_lint (~> 0.9)
  factory_bot
  faker (~> 3.5)
  fasp_client!
  federails!
  federails-moderation (~> 0.3)
  ffi-libarchive (~> 1.1)
  get_process_mem (~> 1.0)
  graphlient (~> 0.8.0)
  guard (~> 2.19)
  guard-rspec (~> 4.7)
  i18n-js (~> 4.2)
  i18n-tasks (~> 1.0)
  i18n_data (~> 1.1)
  image_processing
  jbuilder (~> 2.14)
  job-iteration (~> 1.11)
  jsbundling-rails
  kaminari (~> 1.2)
  kramdown (~> 2.5)
  kramdown-parser-gfm (~> 1.1)
  letter_opener (~> 1.10)
  listen (~> 3.9)
  lograge (~> 0.14)
  logstash-event (~> 1.2)
  memoist (~> 0.16)
  mittsu (~> 0.5)
  mittsu-3mf
  mittsu-mesh_analysis
  mysql2 (~> 0.5)
  nanoid (~> 2.0)
  omniauth (~> 2.1)
  omniauth-rails_csrf_protection (~> 1.0)
  omniauth_openid_connect (~> 0.8)
  pg (~> 1.5)
  pg_query (~> 6.1)
  pghero (~> 3.7)
  phlex-rails (~> 2.3)
  propshaft (~> 1.2)
  public_suffix (~> 6.0)
  puma (~> 7.0)
  pundit (~> 2.5)
  rack-contrib (~> 2.5)
  rack-cors (~> 3.0)
  rails (~> 8.0.0)
  rails-controller-testing (~> 1.0)
  rails-i18n (~> 8.0)
  rails-settings-cached (~> 2.9)
  rails_performance (~> 1.5)
  redis (~> 5.4)
  redis-namespace
  reverse_markdown (~> 3.0)
  rolify (~> 6.0)
  rspec-rails
  rswag (~> 2.16)
  rubocop-capybara
  rubocop-factory_bot
  rubocop-i18n
  rubocop-performance (~> 1.23)
  rubocop-pundit!
  rubocop-rails
  rubocop-rspec
  rubocop-rspec_rails
  rubyzip (~> 2.4)
  scoped_search (~> 4.2)
  scout_apm
  selenium-webdriver
  shrine (~> 3.6)
  shrine-tus (~> 2.1)
  sidekiq (~> 8.0)
  sidekiq-cron (~> 2.3)
  simplecov (~> 0.22)
  simplecov-cobertura
  spdx (~> 4.1)
  spring
  sqlite3_ar_regexp (~> 3.0)
  standard (~> 1.50)
  stimulus-rails (~> 1.3)
  stopwords-filter2
  string-similarity (~> 2.1)
  sys-cpu (~> 1.1)
  sys-filesystem (~> 1.5)
  to_regexp (~> 0.2)
  translation (~> 1.41)
  turbo-rails (~> 2.0)
  tus-server (~> 2.3)
  tzinfo-data
  vcr (~> 6.3)
  warning (~> 1.5)
  web-console (~> 4.1)
  webmock (~> 3.25)
  with_model (~> 2.2)

RUBY VERSION
   ruby 3.4.1p0

BUNDLED WITH
   2.6.2
